GEM
  remote: https://rubygems.org/
  specs:
    byebug (11.1.3)
    diff-lcs (1.5.0)
    git (1.11.0)
      rchardet (~> 1.8)
    rchardet (1.8.0)
    rspec (2.99.0)
      rspec-core (~> 2.99.0)
      rspec-expectations (~> 2.99.0)
      rspec-mocks (~> 2.99.0)
    rspec-core (2.99.2)
    rspec-expectations (2.99.2)
      diff-lcs (>= 1.1.3, < 2.0)
    rspec-mocks (2.99.4)
    thor (1.2.1)

PLATFORMS
  ruby

DEPENDENCIES
  byebug
  git
  rspec (~> 2.14)
  thor

BUNDLED WITH
   2.3.7
